GIT
  remote: https://github.com/rails-gems/base-resource.git
  revision: 069e32f7a766416990b13826a89866676d384f5e
  specs:
    base_resource (0.1.9)
      kaminari
      rails (< 7)
      ransack
      reform
      reform-rails

GEM
  remote: https://gems.ruby-china.com/
  specs:
    aasm (5.0.5)
      concurrent-ruby (~> 1.0)
    actioncable (6.0.0.rc1)
      actionpack (= 6.0.0.rc1)
      nio4r (~> 2.0)
      websocket-driver (>= 0.6.1)
    actionmailbox (6.0.0.rc1)
      actionpack (= 6.0.0.rc1)
      activejob (= 6.0.0.rc1)
      activerecord (= 6.0.0.rc1)
      activestorage (= 6.0.0.rc1)
      activesupport (= 6.0.0.rc1)
      mail (>= 2.7.1)
    actionmailer (6.0.0.rc1)
      actionpack (= 6.0.0.rc1)
      actionview (= 6.0.0.rc1)
      activejob (= 6.0.0.rc1)
      mail (~> 2.5, >= 2.5.4)
      rails-dom-testing (~> 2.0)
    actionpack (6.0.0.rc1)
      actionview (= 6.0.0.rc1)
      activesupport (= 6.0.0.rc1)
      rack (~> 2.0)
      rack-test (>= 0.6.3)
      rails-dom-testing (~> 2.0)
      rails-html-sanitizer (~> 1.0, >= 1.0.2)
    actiontext (6.0.0.rc1)
      actionpack (= 6.0.0.rc1)
      activerecord (= 6.0.0.rc1)
      activestorage (= 6.0.0.rc1)
      activesupport (= 6.0.0.rc1)
      nokogiri (>= 1.8.5)
    actionview (6.0.0.rc1)
      activesupport (= 6.0.0.rc1)
      builder (~> 3.1)
      erubi (~> 1.4)
      rails-dom-testing (~> 2.0)
      rails-html-sanitizer (~> 1.0, >= 1.0.3)
    activejob (6.0.0.rc1)
      activesupport (= 6.0.0.rc1)
      globalid (>= 0.3.6)
    activemodel (6.0.0.rc1)
      activesupport (= 6.0.0.rc1)
    activerecord (6.0.0.rc1)
      activemodel (= 6.0.0.rc1)
      activesupport (= 6.0.0.rc1)
    activestorage (6.0.0.rc1)
      actionpack (= 6.0.0.rc1)
      activejob (= 6.0.0.rc1)
      activerecord (= 6.0.0.rc1)
      marcel (~> 0.3.1)
    activesupport (6.0.0.rc1)
      concurrent-ruby (~> 1.0, >= 1.0.2)
      i18n (>= 0.7, < 2)
      minitest (~> 5.1)
      tzinfo (~> 1.1)
      zeitwerk (~> 2.1, >= 2.1.4)
    acts_as_list (0.9.19)
      activerecord (>= 3.0)
    ancestry (3.0.7)
      activerecord (>= 3.2.0)
    bcrypt (3.1.13)
    bootsnap (1.4.4)
      msgpack (~> 1.0)
    builder (3.2.3)
    byebug (11.0.1)
    chronic (0.10.2)
    concurrent-ruby (1.1.5)
    connection_pool (2.2.2)
    crass (1.0.4)
    declarative (0.0.10)
    declarative-builder (0.1.0)
      declarative-option (< 0.2.0)
    declarative-option (0.1.0)
    devise (4.6.2)
      bcrypt (~> 3.0)
      orm_adapter (~> 0.1)
      railties (>= 4.1.0, < 6.0)
      responders
      warden (~> 1.2.3)
    devise_token_auth (1.1.0)
      devise (> 3.5.2, < 4.7)
      rails (>= 4.2.0, < 6)
    disposable (0.4.5)
      declarative (>= 0.0.9, < 1.0.0)
      declarative-builder (< 0.2.0)
      declarative-option (< 0.2.0)
      representable (>= 2.4.0, <= 3.1.0)
      uber (< 0.2.0)
    erubi (1.8.0)
    exception_notification (4.3.0)
      actionmailer (>= 4.0, < 6)
      activesupport (>= 4.0, < 6)
    ffi (1.11.1)
    footprintable (0.1.2)
      rails (< 6)
    globalid (0.4.2)
      activesupport (>= 4.2.0)
    httparty (0.17.0)
      mime-types (~> 3.0)
      multi_xml (>= 0.5.2)
    i18n (1.6.0)
      concurrent-ruby (~> 1.0)
    jbuilder (2.9.1)
      activesupport (>= 4.2.0)
    kaminari (1.1.1)
      activesupport (>= 4.1.0)
      kaminari-actionview (= 1.1.1)
      kaminari-activerecord (= 1.1.1)
      kaminari-core (= 1.1.1)
    kaminari-actionview (1.1.1)
      actionview
      kaminari-core (= 1.1.1)
    kaminari-activerecord (1.1.1)
      activerecord
      kaminari-core (= 1.1.1)
    kaminari-core (1.1.1)
    listen (3.1.5)
      rb-fsevent (~> 0.9, >= 0.9.4)
      rb-inotify (~> 0.9, >= 0.9.7)
      ruby_dep (~> 1.2)
    loofah (2.2.3)
      crass (~> 1.0.2)
      nokogiri (>= 1.5.9)
    mail (2.7.1)
      mini_mime (>= 0.1.1)
    marcel (0.3.3)
      mimemagic (~> 0.3.2)
    method_source (0.9.2)
    mime-types (3.2.2)
      mime-types-data (~> 3.2015)
    mime-types-data (3.2019.0331)
    mimemagic (0.3.3)
    mini_mime (1.0.1)
    mini_portile2 (2.4.0)
    minitest (5.11.3)
    msgpack (1.3.0)
    multi_xml (0.6.0)
    mysql2 (0.5.2)
    newrelic_rpm (6.5.0.357)
    nio4r (2.3.1)
    nokogiri (1.10.3)
      mini_portile2 (~> 2.4.0)
    orm_adapter (0.5.0)
    puma (3.12.1)
    rack (2.0.7)
    rack-cors (1.0.3)
    rack-protection (2.0.5)
      rack
    rack-test (1.1.0)
      rack (>= 1.0, < 3)
    rails (6.0.0.rc1)
      actioncable (= 6.0.0.rc1)
      actionmailbox (= 6.0.0.rc1)
      actionmailer (= 6.0.0.rc1)
      actionpack (= 6.0.0.rc1)
      actiontext (= 6.0.0.rc1)
      actionview (= 6.0.0.rc1)
      activejob (= 6.0.0.rc1)
      activemodel (= 6.0.0.rc1)
      activerecord (= 6.0.0.rc1)
      activestorage (= 6.0.0.rc1)
      activesupport (= 6.0.0.rc1)
      bundler (>= 1.3.0)
      railties (= 6.0.0.rc1)
      sprockets-rails (>= 2.0.0)
    rails-dom-testing (2.0.3)
      activesupport (>= 4.2.0)
      nokogiri (>= 1.6)
    rails-html-sanitizer (1.0.4)
      loofah (~> 2.2, >= 2.2.2)
    railties (6.0.0.rc1)
      actionpack (= 6.0.0.rc1)
      activesupport (= 6.0.0.rc1)
      method_source
      rake (>= 0.8.7)
      thor (>= 0.20.3, < 2.0)
    rake (12.3.2)
    ransack (2.1.1)
      actionpack (>= 5.0)
      activerecord (>= 5.0)
      activesupport (>= 5.0)
      i18n
    rb-fsevent (0.10.3)
    rb-inotify (0.10.0)
      ffi (~> 1.0)
    redis (4.1.2)
    reform (2.2.4)
      disposable (>= 0.4.1)
      representable (>= 2.4.0, < 3.1.0)
    reform-rails (0.1.7)
      activemodel (>= 3.2)
      reform (>= 2.2.0)
    representable (3.0.4)
      declarative (< 0.1.0)
      declarative-option (< 0.2.0)
      uber (< 0.2.0)
    responders (3.0.0)
      actionpack (>= 5.0)
      railties (>= 5.0)
    ruby_dep (1.5.0)
    sidekiq (5.2.7)
      connection_pool (~> 2.2, >= 2.2.2)
      rack (>= 1.5.0)
      rack-protection (>= 1.5.0)
      redis (>= 3.3.5, < 5)
    slack-notifier (2.3.2)
    split_routes (0.1.0)
      rails (< 6)
    spring (2.1.0)
    spring-watcher-listen (2.0.1)
      listen (>= 2.7, < 4.0)
      spring (>= 1.2, < 3.0)
    sprockets (3.7.2)
      concurrent-ruby (~> 1.0)
      rack (> 1, < 3)
    sprockets-rails (3.2.1)
      actionpack (>= 4.0)
      activesupport (>= 4.0)
      sprockets (>= 3.0.0)
    thor (0.20.3)
    thread_safe (0.3.6)
    timequery (0.1.1)
      rails (< 6)
    tzinfo (1.2.5)
      thread_safe (~> 0.1)
    uber (0.1.0)
    warden (1.2.8)
      rack (>= 2.0.6)
    websocket-driver (0.7.1)
      websocket-extensions (>= 0.1.0)
    websocket-extensions (0.1.5)
    whenever (1.0.0)
      chronic (>= 0.6.3)
    zeitwerk (2.1.8)

PLATFORMS
  ruby

DEPENDENCIES
  aasm
  acts_as_list
  ancestry
  base_resource!
  bootsnap (>= 1.4.2)
  byebug
  devise
  devise_token_auth
  exception_notification
  footprintable
  httparty
  jbuilder (~> 2.5)
  kaminari
  listen (>= 3.0.5, < 3.2)
  mysql2 (>= 0.4.4)
  newrelic_rpm
  puma (~> 3.11)
  rack-cors
  rails (~> 6.0.0.rc1)
  ransack
  reform
  reform-rails
  sidekiq
  slack-notifier
  split_routes
  spring
  spring-watcher-listen (~> 2.0.0)
  timequery
  tzinfo-data
  whenever

RUBY VERSION
   ruby 2.6.3p62

BUNDLED WITH
   1.17.2
